GEM
  remote: https://rubygems.org/
  specs:
    faraday (0.9.2)
      multipart-post (>= 1.2, < 3)
    multipart-post (2.0.0)
    oj (2.13.1)

PLATFORMS
  ruby

DEPENDENCIES
  faraday
  oj

BUNDLED WITH
   1.10.6
